PATH
  remote: .
  specs:
    sidekiq-mongo-guard (0.1.0)
      sidekiq (>= 5.0.0)

GEM
  remote: https://rubygems.org/
  specs:
    connection_pool (2.4.0)
    diff-lcs (1.5.0)
    rack (2.2.6.4)
    rake (12.3.3)
    redis (4.8.1)
    rspec (3.12.0)
      rspec-core (~> 3.12.0)
      rspec-expectations (~> 3.12.0)
      rspec-mocks (~> 3.12.0)
    rspec-core (3.12.1)
      rspec-support (~> 3.12.0)
    rspec-expectations (3.12.2)
      diff-lcs (>= 1.2.0, < 2.0)
      rspec-support (~> 3.12.0)
    rspec-mocks (3.12.5)
      diff-lcs (>= 1.2.0, < 2.0)
      rspec-support (~> 3.12.0)
    rspec-support (3.12.0)
    sidekiq (6.5.8)
      connection_pool (>= 2.2.5, < 3)
      rack (~> 2.0)
      redis (>= 4.5.0, < 5)

PLATFORMS
  ruby

DEPENDENCIES
  rake (~> 12.0)
  rspec (~> 3.0)
  sidekiq-mongo-guard!

BUNDLED WITH
   1.17.2
