PATH
  remote: .
  specs:
    sidekiq-resource-guard (0.1.0)
      mongo (>= 2.0.0)
      sidekiq (>= 5.0.0, < 7.0.0)

GEM
  remote: https://rubygems.org/
  specs:
    bson (4.15.0)
    byebug (11.1.3)
    coderay (1.1.3)
    connection_pool (2.4.0)
    diff-lcs (1.5.0)
    method_source (1.0.0)
    mongo (2.18.2)
      bson (>= 4.14.1, < 5.0.0)
    pry (0.14.2)
      coderay (~> 1.1)
      method_source (~> 1.0)
    pry-byebug (3.10.1)
      byebug (~> 11.0)
      pry (>= 0.13, < 0.15)
    rack (3.0.7)
    rack-protection (3.0.5)
      rack
    redis (5.0.6)
      redis-client (>= 0.9.0)
    redis-client (0.14.1)
      connection_pool
    rspec (3.12.0)
      rspec-core (~> 3.12.0)
      rspec-expectations (~> 3.12.0)
      rspec-mocks (~> 3.12.0)
    rspec-core (3.12.1)
      rspec-support (~> 3.12.0)
    rspec-expectations (3.12.2)
      diff-lcs (>= 1.2.0, < 2.0)
      rspec-support (~> 3.12.0)
    rspec-mocks (3.12.5)
      diff-lcs (>= 1.2.0, < 2.0)
      rspec-support (~> 3.12.0)
    rspec-support (3.12.0)
    sidekiq (6.0.4)
      connection_pool (>= 2.2.2)
      rack (>= 2.0.0)
      rack-protection (>= 2.0.0)
      redis (>= 4.1.0)
    timecop (0.9.6)

PLATFORMS
  aarch64-linux
  arm64-darwin-22

DEPENDENCIES
  pry-byebug (~> 3.9)
  rspec (~> 3.0)
  sidekiq-resource-guard!
  timecop

BUNDLED WITH
   2.4.10
